GEM
  remote: http://rubygems.org/
  specs:
    addressable (2.2.7)
    coderay (1.0.8)
    crack (0.3.1)
    diff-lcs (1.1.3)
    ffi (1.0.11)
    growl (1.0.3)
    guard (1.0.1)
      ffi (>= 0.5.0)
      thor (~> 0.14.6)
    guard-rspec (0.6.0)
      guard (>= 0.10.0)
    httparty (0.8.1)
      multi_json
      multi_xml
    method_source (0.8.1)
    multi_json (1.1.0)
    multi_xml (0.4.2)
    pry (0.9.10)
      coderay (~> 1.0.5)
      method_source (~> 0.8)
      slop (~> 3.3.1)
    rspec (2.11.0)
      rspec-core (~> 2.11.0)
      rspec-expectations (~> 2.11.0)
      rspec-mocks (~> 2.11.0)
    rspec-core (2.11.1)
    rspec-expectations (2.11.3)
      diff-lcs (~> 1.1.3)
    rspec-mocks (2.11.3)
    slop (3.3.3)
    thor (0.14.6)
    webmock (1.8.2)
      addressable (>= 2.2.7)
      crack (>= 0.1.7)

PLATFORMS
  ruby

DEPENDENCIES
  growl
  guard
  guard-rspec
  httparty
  pry
  rspec (~> 2.11.0)
  webmock
